GEM
  remote: http://gems-mirror.us.drwholdings.com/
  remote: http://gems.us.drwholdings.com:8808/
  specs:
    ast (2.4.0)
    jaro_winkler (1.5.1)
    parallel (1.12.1)
    parser (2.5.1.2)
      ast (~> 2.4.0)
    powerpack (0.1.2)
    rainbow (3.0.0)
    rubocop (0.59.0)
      jaro_winkler (~> 1.5.1)
      parallel (~> 1.10)
      parser (>= 2.5, != 2.5.1.1)
      powerpack (~> 0.1)
      rainbow (>= 2.2.2, < 4.0)
      ruby-progressbar (~> 1.7)
      unicode-display_width (~> 1.0, >= 1.0.1)
    rubocop-ims (0.4.0)
      rubocop (~> 0.50)
    ruby-progressbar (1.10.0)
    unicode-display_width (1.4.0)

PLATFORMS
  ruby

DEPENDENCIES
  rubocop-ims!

RUBY VERSION
   ruby 2.3.1p112

BUNDLED WITH
   1.16.2
